GEM
  remote: https://rubygems.org/
  specs:
    attr_extras (5.2.0)
    require_all (1.4.0)
    slim (3.0.8)
      temple (>= 0.7.6, < 0.9)
      tilt (>= 1.3.3, < 2.1)
    temple (0.8.0)
    tilt (2.0.7)

PLATFORMS
  ruby

DEPENDENCIES
  attr_extras
  require_all
  slim

BUNDLED WITH
   1.15.1
